PATH
  remote: .
  specs:
    trackman (0.0.4)
      json
      nokogiri
      rack
      rest-client

GEM
  remote: http://rubygems.org/
  specs:
    diff-lcs (1.1.3)
    json (1.7.3)
    mime-types (1.18)
    nokogiri (1.5.2)
    rack (1.4.1)
    rest-client (1.6.7)
      mime-types (>= 1.16)
    rspec (2.10.0)
      rspec-core (~> 2.10.0)
      rspec-expectations (~> 2.10.0)
      rspec-mocks (~> 2.10.0)
    rspec-core (2.10.1)
    rspec-expectations (2.10.0)
      diff-lcs (~> 1.1.3)
    rspec-mocks (2.10.1)

PLATFORMS
  ruby

DEPENDENCIES
  rspec
  trackman!
