PATH
  remote: .
  specs:
    trackman (0.6.16)
      json
      nokogiri
      rack
      rest-client
      versionomy

GEM
  remote: http://rubygems.org/
  specs:
    blockenspiel (0.4.5)
    diff-lcs (1.1.3)
    hike (1.2.1)
    json (1.7.6)
    mime-types (1.20.1)
    multi_json (1.3.6)
    nokogiri (1.5.6)
    rack (1.4.1)
    rake (0.9.2.2)
    rest-client (1.6.7)
      mime-types (>= 1.16)
    rspec (2.10.0)
      rspec-core (~> 2.10.0)
      rspec-expectations (~> 2.10.0)
      rspec-mocks (~> 2.10.0)
    rspec-core (2.10.1)
    rspec-expectations (2.10.0)
      diff-lcs (~> 1.1.3)
    rspec-mocks (2.10.1)
    sprockets (2.4.3)
      hike (~> 1.2)
      multi_json (~> 1.0)
      rack (~> 1.0)
      tilt (~> 1.1, != 1.3.0)
    tilt (1.3.3)
    versionomy (0.4.4)
      blockenspiel (>= 0.4.5)

PLATFORMS
  ruby

DEPENDENCIES
  rake
  rspec
  sprockets
  trackman!
