GIT
  remote: git@github.com:jfabre/rest-client.git
  revision: fed0962f95ad2e84bd849422637249df74659dda
  specs:
    rest-client (1.6.7)
      mime-types (>= 1.16)
      netrc

PATH
  remote: .
  specs:
    trackman (0.4.0)
      heroku (>= 2.26.2)
      json
      nokogiri
      rack
      rest-client
      versionomy

GEM
  remote: http://rubygems.org/
  specs:
    addressable (2.3.2)
    blockenspiel (0.4.5)
    diff-lcs (1.1.3)
    excon (0.16.2)
    heroku (2.31.1)
      heroku-api (~> 0.3.4)
      launchy (>= 0.3.2)
      netrc (~> 0.7.7)
      rest-client (~> 1.6.1)
      rubyzip
    heroku-api (0.3.4)
      excon (~> 0.16.1)
    hike (1.2.1)
    json (1.7.5)
    launchy (2.1.2)
      addressable (~> 2.3)
    mime-types (1.19)
    multi_json (1.3.6)
    netrc (0.7.7)
    nokogiri (1.5.5)
    rack (1.4.1)
    rspec (2.10.0)
      rspec-core (~> 2.10.0)
      rspec-expectations (~> 2.10.0)
      rspec-mocks (~> 2.10.0)
    rspec-core (2.10.1)
    rspec-expectations (2.10.0)
      diff-lcs (~> 1.1.3)
    rspec-mocks (2.10.1)
    rubyzip (0.9.9)
    sprockets (2.4.3)
      hike (~> 1.2)
      multi_json (~> 1.0)
      rack (~> 1.0)
      tilt (~> 1.1, != 1.3.0)
    tilt (1.3.3)
    versionomy (0.4.4)
      blockenspiel (>= 0.4.5)

PLATFORMS
  ruby

DEPENDENCIES
  rest-client!
  rspec
  sprockets
  trackman!
